GEM
  remote: https://rubygems.org/
  specs:
    daemons (1.1.9)
    dropbox-sdk (1.5.1)
      json
    eventmachine (1.0.3)
    json (1.7.7)
    rack (1.5.2)
    rack-protection (1.5.0)
      rack
    shotgun (0.9)
      rack (>= 1.0)
    sinatra (1.4.2)
      rack (~> 1.5, >= 1.5.2)
      rack-protection (~> 1.4)
      tilt (~> 1.3, >= 1.3.4)
    thin (1.5.1)
      daemons (>= 1.0.9)
      eventmachine (>= 0.12.6)
      rack (>= 1.0.0)
    tilt (1.4.1)

PLATFORMS
  ruby

DEPENDENCIES
  dropbox-sdk (~> 1.5.1)
  shotgun (~> 0.9)
  sinatra (~> 1.4.2)
  thin (~> 1.5.1)
